GEM
  remote: http://rubygems.org/
  specs:
    minitest (5.3.5)
    rack (1.6.4)
    rack-protection (1.5.3)
      rack
    rake (10.4.2)
    sequel (4.8.0)
    sinatra (1.4.6)
      rack (~> 1.4)
      rack-protection (~> 1.4)
      tilt (>= 1.3, < 3)
    sqlite3 (1.3.11)
    tilt (2.0.1)

PLATFORMS
  ruby

DEPENDENCIES
  minitest (~> 5.3.1)
  rake (~> 10.4.2)
  sequel (~> 4.8.0)
  sinatra (~> 1.4.4)
  sqlite3 (~> 1.3.11)

BUNDLED WITH
   1.10.6
